PATH
  remote: .
  specs:
    cv_client (0.0.1)
      amqp
      faraday (= 0.7.5)
      mechanize (= 2.0.1)
      right_aws (~> 3.0.1)
      yajl-ruby (= 1.0.0)

GEM
  remote: http://rubygems.org/
  specs:
    addressable (2.2.7)
    amq-client (0.9.2)
      amq-protocol (>= 0.9.0)
      eventmachine
    amq-protocol (0.9.0)
    amqp (0.9.4)
      amq-client (~> 0.9.2)
      amq-protocol (>= 0.9.0)
      eventmachine
    daemons (1.1.4)
    eventmachine (0.12.10)
    faraday (0.7.5)
      addressable (~> 2.2.6)
      multipart-post (~> 1.1.3)
      rack (>= 1.1.0, < 2)
    highline (1.6.5)
    mechanize (2.0.1)
      net-http-digest_auth (~> 1.1, >= 1.1.1)
      net-http-persistent (~> 1.8)
      nokogiri (~> 1.4)
      webrobots (~> 0.0, >= 0.0.9)
    multipart-post (1.1.5)
    net-http-digest_auth (1.2)
    net-http-persistent (1.9)
    nokogiri (1.5.2)
    rack (1.4.1)
    right_aws (3.0.3)
      right_http_connection (>= 1.2.5)
    right_http_connection (1.3.0)
    webrobots (0.0.13)
    yajl-ruby (1.0.0)

PLATFORMS
  ruby

DEPENDENCIES
  cv_client!
  daemons (= 1.1.4)
  faraday (= 0.7.5)
  highline (= 1.6.5)
  mechanize (= 2.0.1)
  right_aws (= 3.0.3)
  yajl-ruby (= 1.0.0)
